PATH
  remote: .
  specs:
    saml-server (0.0.1)
      ruby-saml-idp
      sinatra

GEM
  remote: https://rubygems.org/
  specs:
    macaddr (1.6.1)
      systemu (~> 2.5.0)
    rack (1.5.2)
    rack-protection (1.5.0)
      rack
    ruby-saml-idp (0.3.2)
      uuid
    sinatra (1.4.3)
      rack (~> 1.4)
      rack-protection (~> 1.4)
      tilt (~> 1.3, >= 1.3.4)
    systemu (2.5.2)
    tilt (1.4.1)
    uuid (2.3.7)
      macaddr (~> 1.0)

PLATFORMS
  ruby

DEPENDENCIES
  saml-server!
